GEM
  remote: https://rubygems.org/
  specs:
    backports (3.6.8)
    coveralls (0.8.19)
      json (>= 1.8, < 3)
      simplecov (~> 0.12.0)
      term-ansicolor (~> 1.3)
      thor (~> 0.19.1)
      tins (~> 1.6)
    docile (1.1.5)
    i18n (0.8.1)
    json (2.0.3)
    mail (2.6.4)
      mime-types (>= 1.16, < 4)
    metaclass (0.0.4)
    mime-types (3.1)
      mime-types-data (~> 3.2015)
    mime-types-data (3.2016.0521)
    minitest (5.10.1)
    mocha (1.2.1)
      metaclass (~> 0.0.1)
    multi_json (1.12.1)
    pony (1.11)
      mail (>= 2.0)
    puma (3.7.1)
    rack (1.6.5)
    rack-protection (1.5.3)
      rack
    rack-ssl-enforcer (0.2.9)
    rack-test (0.6.3)
      rack (>= 1.0)
    rack_csrf (2.6.0)
      rack (>= 1.1.0)
    secure_headers (3.6.2)
      useragent
    simplecov (0.12.0)
      docile (~> 1.1.0)
      json (>= 1.8, < 3)
      simplecov-html (~> 0.10.0)
    simplecov-html (0.10.0)
    sinatra (1.4.8)
      rack (~> 1.5)
      rack-protection (~> 1.4)
      tilt (>= 1.3, < 3)
    sinatra-contrib (1.4.7)
      backports (>= 2.0)
      multi_json
      rack-protection
      rack-test
      sinatra (~> 1.4.0)
      tilt (>= 1.3, < 3)
    sinatra-partial (1.0.0)
      sinatra (~> 1.4)
    stringex (2.7.1)
    term-ansicolor (1.4.0)
      tins (~> 1.0)
    thor (0.19.4)
    tilt (2.0.6)
    tins (1.13.2)
    useragent (0.16.8)

PLATFORMS
  ruby

DEPENDENCIES
  coveralls
  i18n
  minitest
  mocha
  pony
  puma
  rack-protection
  rack-ssl-enforcer
  rack-test
  rack_csrf
  secure_headers
  simplecov
  sinatra
  sinatra-contrib
  sinatra-partial
  stringex

RUBY VERSION
   ruby 2.3.1p112

BUNDLED WITH
   1.13.7
