GEM
  remote: https://rubygems.org/
  specs:
    backports (3.6.7)
    coveralls (0.8.3)
      json (~> 1.8)
      rest-client (>= 1.6.8, < 2)
      simplecov (~> 0.10.0)
      term-ansicolor (~> 1.3)
      thor (~> 0.19.1)
    docile (1.1.5)
    domain_name (0.5.25)
      unf (>= 0.0.5, < 1.0.0)
    http-cookie (1.0.2)
      domain_name (~> 0.5)
    i18n (0.7.0)
    json (1.8.3)
    mail (2.6.3)
      mime-types (>= 1.16, < 3)
    metaclass (0.0.4)
    mime-types (2.6.2)
    minitest (5.8.2)
    mocha (1.1.0)
      metaclass (~> 0.0.1)
    multi_json (1.11.2)
    netrc (0.11.0)
    pony (1.11)
      mail (>= 2.0)
    puma (2.15.3)
    rack (1.6.4)
    rack-protection (1.5.3)
      rack
    rack-ssl-enforcer (0.2.9)
    rack-test (0.6.3)
      rack (>= 1.0)
    rack_csrf (2.5.0)
      rack (>= 1.1.0)
    rest-client (1.8.0)
      http-cookie (>= 1.0.2, < 2.0)
      mime-types (>= 1.16, < 3.0)
      netrc (~> 0.7)
    simplecov (0.10.0)
      docile (~> 1.1.0)
      json (~> 1.8)
      simplecov-html (~> 0.10.0)
    simplecov-html (0.10.0)
    sinatra (1.4.6)
      rack (~> 1.4)
      rack-protection (~> 1.4)
      tilt (>= 1.3, < 3)
    sinatra-contrib (1.4.6)
      backports (>= 2.0)
      multi_json
      rack-protection
      rack-test
      sinatra (~> 1.4.0)
      tilt (>= 1.3, < 3)
    sinatra-partial (0.4.0)
      sinatra
    stringex (2.5.2)
    term-ansicolor (1.3.2)
      tins (~> 1.0)
    thor (0.19.1)
    tilt (2.0.1)
    tins (1.6.0)
    unf (0.1.4)
      unf_ext
    unf_ext (0.0.7.1)

PLATFORMS
  ruby

DEPENDENCIES
  coveralls
  i18n
  minitest
  mocha
  pony
  puma
  rack-protection
  rack-ssl-enforcer
  rack-test
  rack_csrf
  simplecov
  sinatra
  sinatra-contrib
  sinatra-partial
  stringex

BUNDLED WITH
   1.10.6
