GEM
  remote: https://rubygems.org/
  specs:
    addressable (2.3.5)
    backports (3.3.4)
    daemons (1.1.9)
    eventmachine (1.0.3)
    faraday (0.7.6)
      addressable (~> 2.2)
      multipart-post (~> 1.1)
      rack (~> 1.1)
    faraday-stack (0.1.5)
      faraday (>= 0.6, < 0.8)
    gli (2.8.0)
    i18n (0.6.4)
    indextank (1.0.12)
      faraday-stack
      yajl-ruby (>= 0.7.7)
    json (1.8.0)
    localeapp (0.6.12)
      gli
      i18n
      json
      rack
      rest-client
      ya2yaml
    mime-types (1.25)
    mini_portile (0.5.1)
    multi_json (1.8.0)
    multipart-post (1.2.0)
    nokogiri (1.6.0)
      mini_portile (~> 0.5.0)
    rack (1.5.2)
    rack-protection (1.5.0)
      rack
    rack-ssl-enforcer (0.2.5)
    rack-test (0.6.2)
      rack (>= 1.0)
    rest-client (1.6.7)
      mime-types (>= 1.16)
    sinatra (1.4.3)
      rack (~> 1.4)
      rack-protection (~> 1.4)
      tilt (~> 1.3, >= 1.3.4)
    sinatra-contrib (1.4.1)
      backports (>= 2.0)
      multi_json
      rack-protection
      rack-test
      sinatra (~> 1.4.0)
      tilt (~> 1.3)
    thin (1.5.1)
      daemons (>= 1.0.9)
      eventmachine (>= 0.12.6)
      rack (>= 1.0.0)
    tilt (1.4.1)
    ya2yaml (0.31)
    yajl-ruby (1.1.0)

PLATFORMS
  ruby

DEPENDENCIES
  i18n (= 0.6.4)
  indextank (= 1.0.12)
  localeapp
  nokogiri (= 1.6.0)
  rack-ssl-enforcer (= 0.2.5)
  sinatra (= 1.4.3)
  sinatra-contrib (= 1.4.1)
  thin (= 1.5.1)
